GEM
  remote: http://rubygems.org/
  specs:
    builder (3.2.0)
    childprocess (0.3.9)
      ffi (~> 1.0, >= 1.0.11)
    coderay (1.0.9)
    cucumber (1.3.1)
      builder (>= 2.1.2)
      diff-lcs (>= 1.1.3)
      gherkin (~> 2.12.0)
      multi_json (~> 1.3)
    diff-lcs (1.2.4)
    ffi (1.8.1-java)
    gherkin (2.12.0-java)
      multi_json (~> 1.3)
    method_source (0.8.1)
    multi_json (1.7.3)
    pry (0.9.12.2-java)
      coderay (~> 1.0.5)
      method_source (~> 0.8)
      slop (~> 3.4)
      spoon (~> 0.0)
    rspec (2.13.0)
      rspec-core (~> 2.13.0)
      rspec-expectations (~> 2.13.0)
      rspec-mocks (~> 2.13.0)
    rspec-core (2.13.1)
    rspec-expectations (2.13.0)
      diff-lcs (>= 1.1.3, < 2.0)
    rspec-mocks (2.13.1)
    rubyzip (0.9.9)
    selenium-webdriver (2.32.1)
      childprocess (>= 0.2.5)
      multi_json (~> 1.0)
      rubyzip
      websocket (~> 1.0.4)
    slop (3.4.5)
    spoon (0.0.4)
      ffi
    websocket (1.0.7)

PLATFORMS
  java

DEPENDENCIES
  cucumber
  pry
  rspec
  rspec-expectations
  selenium-webdriver
